PATH
  remote: .
  specs:
    kinokero (0.0.1)
      faraday
      faraday_middleware
      hashie
      logger
      simple_oauth
      typhoeus

GEM
  remote: https://rubygems.org/
  specs:
    ethon (0.6.1)
      ffi (>= 1.3.0)
      mime-types (~> 1.18)
    faraday (0.8.8)
      multipart-post (~> 1.2.0)
    faraday_middleware (0.9.0)
      faraday (>= 0.7.4, < 0.9)
    ffi (1.9.0)
    hashie (2.0.5)
    logger (1.2.8)
    mime-types (1.25)
    multipart-post (1.2.0)
    rake (10.1.0)
    simple_oauth (0.2.0)
    typhoeus (0.6.5)
      ethon (~> 0.6.1)

PLATFORMS
  ruby

DEPENDENCIES
  bundler (~> 1.3)
  kinokero!
  rake
