PATH
  remote: .
  specs:
    kinokero (0.0.1)
      beefcake
      faraday
      faraday-cookie_jar
      faraday_middleware
      logger
      simple_oauth
      typhoeus

GEM
  remote: https://rubygems.org/
  specs:
    beefcake (0.5.0)
    domain_name (0.5.13)
      unf (>= 0.0.5, < 1.0.0)
    ethon (0.6.1)
      ffi (>= 1.3.0)
      mime-types (~> 1.18)
    faraday (0.8.8)
      multipart-post (~> 1.2.0)
    faraday-cookie_jar (0.0.4)
      faraday (>= 0.7.4)
      http-cookie (~> 1.0.0)
    faraday_middleware (0.9.0)
      faraday (>= 0.7.4, < 0.9)
    ffi (1.9.0)
    http-cookie (1.0.2)
      domain_name (~> 0.5)
    logger (1.2.8)
    mime-types (1.25)
    multipart-post (1.2.0)
    rake (10.1.0)
    simple_oauth (0.2.0)
    typhoeus (0.6.5)
      ethon (~> 0.6.1)
    unf (0.1.2)
      unf_ext
    unf_ext (0.0.6)

PLATFORMS
  ruby

DEPENDENCIES
  bundler (~> 1.3)
  kinokero!
  rake
