GIT
  remote: git://github.com/dsaronin/kinokero.git
  revision: 3a93d9e1341008feb849880eb928a426afd76b90
  specs:
    kinokero (0.0.5)
      activesupport
      beefcake
      faraday
      faraday-cookie_jar
      faraday_middleware
      json
      logger
      simple_oauth
      typhoeus
      xmpp4r

GEM
  remote: https://rubygems.org/
  specs:
    activemodel (4.1.4)
      activesupport (= 4.1.4)
      builder (~> 3.1)
    activerecord (4.1.4)
      activemodel (= 4.1.4)
      activesupport (= 4.1.4)
      arel (~> 5.0.0)
    activesupport (4.1.4)
      i18n (~> 0.6, >= 0.6.9)
      json (~> 1.7, >= 1.7.7)
      minitest (~> 5.1)
      thread_safe (~> 0.1)
      tzinfo (~> 1.1)
    arel (5.0.1.20140414130214)
    beefcake (0.5.0)
    builder (3.2.2)
    cups (0.1.9)
    domain_name (0.5.19)
      unf (>= 0.0.5, < 1.0.0)
    ethon (0.7.1)
      ffi (>= 1.3.0)
    faraday (0.9.0)
      multipart-post (>= 1.2, < 3)
    faraday-cookie_jar (0.0.6)
      faraday (>= 0.7.4)
      http-cookie (~> 1.0.0)
    faraday_middleware (0.9.1)
      faraday (>= 0.7.4, < 0.10)
    ffi (1.9.3)
    http-cookie (1.0.2)
      domain_name (~> 0.5)
    i18n (0.6.11)
    json (1.8.1)
    logger (1.2.8)
    minitest (5.4.0)
    multipart-post (2.0.0)
    simple_oauth (0.2.0)
    sqlite3 (1.3.9)
    thread_safe (0.3.4)
    typhoeus (0.6.9)
      ethon (>= 0.7.1)
    tzinfo (1.2.1)
      thread_safe (~> 0.1)
    unf (0.1.4)
      unf_ext
    unf_ext (0.0.6)
    xmpp4r (0.5.6)

PLATFORMS
  ruby

DEPENDENCIES
  activerecord
  cups
  kinokero!
  sqlite3
