GIT
  remote: git://github.com/dsaronin/kinokero.git
  revision: c71a3b94fcaa63e75e89b41d3d71d610176adca7
  specs:
    kinokero (0.0.2)
      beefcake
      faraday
      faraday-cookie_jar
      faraday_middleware
      logger
      simple_oauth
      typhoeus
      xmpp4r

GEM
  remote: https://rubygems.org/
  specs:
    beefcake (0.5.0)
    cups (0.1.9)
    domain_name (0.5.19)
      unf (>= 0.0.5, < 1.0.0)
    ethon (0.7.1)
      ffi (>= 1.3.0)
    faraday (0.9.0)
      multipart-post (>= 1.2, < 3)
    faraday-cookie_jar (0.0.6)
      faraday (>= 0.7.4)
      http-cookie (~> 1.0.0)
    faraday_middleware (0.9.1)
      faraday (>= 0.7.4, < 0.10)
    ffi (1.9.3)
    http-cookie (1.0.2)
      domain_name (~> 0.5)
    logger (1.2.8)
    multipart-post (2.0.0)
    simple_oauth (0.2.0)
    typhoeus (0.6.9)
      ethon (>= 0.7.1)
    unf (0.1.4)
      unf_ext
    unf_ext (0.0.6)
    xmpp4r (0.5.6)

PLATFORMS
  ruby

DEPENDENCIES
  cups
  kinokero!
